PATH
  remote: .
  specs:
    evox (0.1.0)

GEM
  remote: https://rubygems.org/
  specs:
    rake (12.3.3)

PLATFORMS
  ruby

DEPENDENCIES
  bundler (~> 2.1.4)
  evox!
  rake (~> 12.3.3)

BUNDLED WITH
   2.1.4
