PATH
  remote: .
  specs:
    evox (1.0.1)
      commander
      prawn

GEM
  remote: https://rubygems.org/
  specs:
    bigdecimal (3.1.8)
    byebug (11.1.3)
    commander (5.0.0)
      highline (~> 3.0.0)
    highline (3.0.1)
    matrix (0.4.2)
    pdf-core (0.10.0)
    prawn (2.5.0)
      matrix (~> 0.4)
      pdf-core (~> 0.10.0)
      ttfunk (~> 1.8)
    rake (12.3.3)
    ttfunk (1.8.0)
      bigdecimal (~> 3.1)

PLATFORMS
  ruby

DEPENDENCIES
  bundler (~> 2.1.4)
  byebug
  evox!
  rake (~> 12.3.3)

BUNDLED WITH
   2.1.4
