PATH
  remote: .
  specs:
    evox (1.0.1)
      commander
      prawn

GEM
  remote: https://rubygems.org/
  specs:
    byebug (11.1.3)
    commander (4.6.0)
      highline (~> 2.0.0)
    highline (2.0.3)
    pdf-core (0.9.0)
    prawn (2.4.0)
      pdf-core (~> 0.9.0)
      ttfunk (~> 1.7)
    rake (12.3.3)
    ttfunk (1.7.0)

PLATFORMS
  ruby

DEPENDENCIES
  bundler (~> 2.1.4)
  byebug
  evox!
  rake (~> 12.3.3)

BUNDLED WITH
   2.1.4
