PATH
  remote: .
  specs:
    evox (1.0.1)
      commander
      prawn

GEM
  remote: https://rubygems.org/
  specs:
    byebug (11.1.1)
    commander (4.5.2)
      highline (~> 2.0.0)
    highline (2.0.3)
    pdf-core (0.7.0)
    prawn (2.2.2)
      pdf-core (~> 0.7.0)
      ttfunk (~> 1.5)
    rake (12.3.3)
    ttfunk (1.6.2.1)

PLATFORMS
  ruby

DEPENDENCIES
  bundler (~> 2.1.4)
  byebug
  evox!
  rake (~> 12.3.3)

BUNDLED WITH
   2.1.4
